GEM
  remote: https://rubygems.org/
  specs:
    minitest (5.10.3)

PLATFORMS
  x64-mingw32

DEPENDENCIES
  minitest

BUNDLED WITH
   1.15.4
